GEM
  remote: http://rubygems.org/
  specs:
    backports (3.6.0)
    ethon (0.7.0)
      ffi (>= 1.3.0)
    ffi (1.9.3)
    firebase (0.2.2)
      json
      typhoeus (>= 0.6.1)
    json (1.8.1)
    multi_json (1.10.0)
    rack (1.5.2)
    rack-protection (1.5.3)
      rack
    rack-test (0.6.2)
      rack (>= 1.0)
    sinatra (1.4.5)
      rack (~> 1.4)
      rack-protection (~> 1.4)
      tilt (~> 1.3, >= 1.3.4)
    sinatra-contrib (1.4.2)
      backports (>= 2.0)
      multi_json
      rack-protection
      rack-test
      sinatra (~> 1.4.0)
      tilt (~> 1.3)
    tilt (1.4.1)
    typhoeus (0.6.8)
      ethon (>= 0.7.0)

PLATFORMS
  ruby

DEPENDENCIES
  firebase
  sinatra
  sinatra-contrib
